GEM
  remote: https://rubygems.org/
  specs:
    git (1.5.0)
    minitest (5.11.3)
    ttytest (0.5.0)

PLATFORMS
  ruby

DEPENDENCIES
  git
  minitest
  ttytest

BUNDLED WITH
   1.16.1
